GEM
  remote: http://rubygems.org/
  specs:
    actionmailer (3.1.0)
      actionpack (= 3.1.0)
      mail (~> 2.3.0)
    actionpack (3.1.0)
      activemodel (= 3.1.0)
      activesupport (= 3.1.0)
      builder (~> 3.0.0)
      erubis (~> 2.7.0)
      i18n (~> 0.6)
      rack (~> 1.3.2)
      rack-cache (~> 1.0.3)
      rack-mount (~> 0.8.2)
      rack-test (~> 0.6.1)
      sprockets (~> 2.0.0)
    activemodel (3.1.0)
      activesupport (= 3.1.0)
      bcrypt-ruby (~> 3.0.0)
      builder (~> 3.0.0)
      i18n (~> 0.6)
    activerecord (3.1.0)
      activemodel (= 3.1.0)
      activesupport (= 3.1.0)
      arel (~> 2.2.1)
      tzinfo (~> 0.3.29)
    activeresource (3.1.0)
      activemodel (= 3.1.0)
      activesupport (= 3.1.0)
    activesupport (3.1.0)
      multi_json (~> 1.0)
    addressable (2.2.6)
    airbrake (3.0.5)
      activesupport
      builder
    arel (2.2.1)
    bcrypt-ruby (3.0.1)
    builder (3.0.0)
    citeproc-ruby (0.0.2)
      logging (~> 1.5)
      nokogiri (~> 1.4)
      unicode_utils (~> 1.0)
    coffee-rails (3.1.0)
      coffee-script (>= 2.2.0)
      railties (~> 3.1.0.rc1)
    coffee-script (2.2.0)
      coffee-script-source
      execjs
    coffee-script-source (1.1.2)
    crack (0.3.1)
    daemons (1.1.4)
    delayed_job (2.1.4)
      activesupport (~> 3.0)
      daemons
    erubis (2.7.0)
    execjs (1.2.4)
      multi_json (~> 1.0)
    haml (3.1.2)
    haml-rails (0.3.4)
      actionpack (~> 3.0)
      activesupport (~> 3.0)
      haml (~> 3.0)
      railties (~> 3.0)
    hike (1.2.1)
    i18n (0.6.0)
    jquery-rails (1.0.16)
      railties (~> 3.0)
      thor (~> 0.14)
    jquery_mobile-rails (1.0)
    json (1.6.1)
    json_pure (1.5.4)
      spruz (~> 0.2.8)
    libv8 (3.3.10.2)
    little-plugger (1.1.2)
    logging (1.6.1)
      little-plugger (>= 1.1.2)
    magic_encoding (0.0.2)
    mail (2.3.0)
      i18n (>= 0.4.0)
      mime-types (~> 1.16)
      treetop (~> 1.4.8)
    marc (0.4.3)
    maruku (0.6.0)
      syntax (>= 1.0.0)
    metaclass (0.0.1)
    mime-types (1.16)
    mocha (0.10.0)
      metaclass (~> 0.0.1)
    multi_json (1.0.3)
    mysql2 (0.3.7)
    nokogiri (1.5.0)
    polyglot (0.3.2)
    rack (1.3.5)
    rack-cache (1.0.3)
      rack (>= 0.4)
    rack-mount (0.8.3)
      rack (>= 1.0.0)
    rack-ssl (1.3.2)
      rack
    rack-test (0.6.1)
      rack (>= 1.0)
    rails (3.1.0)
      actionmailer (= 3.1.0)
      actionpack (= 3.1.0)
      activerecord (= 3.1.0)
      activeresource (= 3.1.0)
      activesupport (= 3.1.0)
      bundler (~> 1.0)
      railties (= 3.1.0)
    rails-i18n (0.1.10)
      i18n (~> 0.5)
    railties (3.1.0)
      actionpack (= 3.1.0)
      activesupport (= 3.1.0)
      rack-ssl (~> 1.3.2)
      rake (>= 0.8.7)
      rdoc (~> 3.4)
      thor (~> 0.14.6)
    rake (0.9.2.2)
    rdf (0.3.4.1)
      addressable (>= 2.2.6)
    rdf-n3 (0.3.6)
      rdf (>= 0.3.4)
    rdf-rdfxml (0.3.5)
      nokogiri (>= 1.4.4)
      rdf (>= 0.3.4)
    rdoc (3.11)
      json (~> 1.4)
    rpx_now (0.6.24)
      json_pure
    rsolr (1.0.2)
      builder (>= 2.1.2)
    sass (3.1.7)
    sass-rails (3.1.0)
      actionpack (~> 3.1.0)
      railties (~> 3.1.0)
      sass (>= 3.1.4)
    simplecov (0.5.3)
      multi_json (~> 1.0.3)
      simplecov-html (~> 0.5.3)
    simplecov-html (0.5.3)
    sprockets (2.0.3)
      hike (~> 1.2)
      rack (~> 1.0)
      tilt (~> 1.1, != 1.3.0)
    spruz (0.2.13)
    sqlite3 (1.3.4)
    syntax (1.0.0)
    test-unit (2.4.0)
    therubyracer (0.9.4)
      libv8 (~> 3.3.10)
    thor (0.14.6)
    tilt (1.3.3)
    treetop (1.4.10)
      polyglot
      polyglot (>= 0.3.1)
    tzinfo (0.3.29)
    uglifier (1.0.3)
      execjs (>= 0.3.0)
      multi_json (>= 1.0.2)
    unicode_utils (1.0.0)
    webmock (1.7.7)
      addressable (~> 2.2, > 2.2.5)
      crack (>= 0.1.7)
    yard (0.7.2)
    yard-rails (0.1.0)
      yard
    yardstick (0.4.0)
      yard (~> 0.7.0)

PLATFORMS
  ruby

DEPENDENCIES
  airbrake
  citeproc-ruby
  coffee-rails (~> 3.1.0)
  delayed_job
  execjs
  haml
  haml-rails
  jquery-rails
  jquery_mobile-rails (= 1.0)
  magic_encoding
  marc
  maruku
  mocha
  mysql2
  nokogiri
  rails (~> 3.1.0)
  rails-i18n
  rdf
  rdf-n3
  rdf-rdfxml
  rpx_now
  rsolr
  sass-rails (~> 3.1.0)
  simplecov (>= 0.4.0)
  sqlite3
  test-unit
  therubyracer
  uglifier
  webmock
  yard
  yard-rails
  yardstick
